PATH
  remote: .
  specs:
    pompompom (2.0.0.b1-java)
      ivy-jars (>= 2.2.0)

GEM
  remote: http://rubygems.org/
  specs:
    diff-lcs (1.1.3)
    ivy-jars (2.2.0-java)
    rake (0.9.2.2)
    rspec (2.10.0)
      rspec-core (~> 2.10.0)
      rspec-expectations (~> 2.10.0)
      rspec-mocks (~> 2.10.0)
    rspec-core (2.10.1)
    rspec-expectations (2.10.0)
      diff-lcs (~> 1.1.3)
    rspec-mocks (2.10.1)

PLATFORMS
  java

DEPENDENCIES
  pompompom!
  rake
  rspec
